PATH
  remote: .
  specs:
    simple_storage (0.1.0)

GEM
  remote: https://rubygems.org/
  specs:
    coveralls (0.8.19)
      json (>= 1.8, < 3)
      simplecov (~> 0.12.0)
      term-ansicolor (~> 1.3)
      thor (~> 0.19.1)
      tins (~> 1.6)
    diff-lcs (1.5.0)
    docile (1.1.5)
    json (2.6.1)
    rake (13.0.6)
    rspec (3.10.0)
      rspec-core (~> 3.10.0)
      rspec-expectations (~> 3.10.0)
      rspec-mocks (~> 3.10.0)
    rspec-core (3.10.1)
      rspec-support (~> 3.10.0)
    rspec-expectations (3.10.1)
      diff-lcs (>= 1.2.0, < 2.0)
      rspec-support (~> 3.10.0)
    rspec-mocks (3.10.2)
      diff-lcs (>= 1.2.0, < 2.0)
      rspec-support (~> 3.10.0)
    rspec-support (3.10.3)
    simplecov (0.12.0)
      docile (~> 1.1.0)
      json (>= 1.8, < 3)
      simplecov-html (~> 0.10.0)
    simplecov-html (0.10.2)
    sync (0.5.0)
    term-ansicolor (1.7.1)
      tins (~> 1.0)
    thor (0.19.4)
    tins (1.31.0)
      sync

PLATFORMS
  x64-mingw32

DEPENDENCIES
  bundler (~> 2.3.4)
  coveralls
  json
  rake (~> 13.0)
  rspec (~> 3.0)
  simple_storage!
  simplecov (~> 0.12.0)
  thor

BUNDLED WITH
   2.3.4
